GEM
  remote: http://rubygems.org/
  remote: http://gems.kontera.com/
  specs:
    a15-worker (0.0.8)
      amqp
      bunny
    amqp (0.7.0)
      eventmachine (>= 0.12.4)
    bunny (0.7.8)
    eventmachine (0.12.10)
    json (1.6.3)
    mysql2 (0.3.11)
    rack (1.3.5)
    rack-protection (1.1.4)
      rack
    sinatra (1.3.1)
      rack (~> 1.3, >= 1.3.4)
      rack-protection (~> 1.1, >= 1.1.2)
      tilt (~> 1.3, >= 1.3.3)
    tilt (1.3.3)

PLATFORMS
  ruby

DEPENDENCIES
  a15-worker
  amqp (= 0.7.0)
  json
  mysql2
  sinatra
