GEM
  remote: http://rubygems.org/
  remote: http://gems.kontera.com/
  specs:
    backports (2.3.0)
    eventmachine (0.12.10)
    mysql2 (0.3.11)
    rack (1.3.5)
    rack-protection (1.1.4)
      rack
    rack-test (0.6.1)
      rack (>= 1.0)
    sinatra (1.3.1)
      rack (~> 1.3, >= 1.3.4)
      rack-protection (~> 1.1, >= 1.1.2)
      tilt (~> 1.3, >= 1.3.3)
    sinatra-contrib (1.3.1)
      backports (>= 2.0)
      eventmachine
      rack-protection
      rack-test
      sinatra (~> 1.3.0)
      tilt (~> 1.3)
    sinatra-reloader (1.0)
      sinatra-contrib
    tilt (1.3.3)

PLATFORMS
  ruby

DEPENDENCIES
  mysql2
  sinatra
  sinatra-reloader
